GEM
  remote: https://rubygems.org/
  specs:
    foundation (1.0.4)
      thor (>= 0.18.1)
    mina (0.3.0)
      open4
      rake
    open4 (1.3.2)
    rake (10.1.1)
    thor (0.18.1)

PLATFORMS
  ruby

DEPENDENCIES
  foundation (~> 1.0.0)
  mina
